GEM
  remote: https://rubygems.org/
  specs:
    ast (2.4.2)
    opal (1.3.1)
      ast (>= 2.3.0)
      parser (~> 3.0)
    parser (3.0.2.0)
      ast (~> 2.4.1)

PLATFORMS
  x86_64-darwin-20

DEPENDENCIES
  opal (~> 1.3)

BUNDLED WITH
   2.2.18
