GEM
  remote: https://rubygems.org/
  specs:
    array_include_methods (1.4.0)
    awesome_print (1.9.2)
    concurrent-ruby (1.1.9)
    facets (3.1.0)
    glimmer (2.4.0)
      array_include_methods (~> 1.4.0)
      facets (>= 3.1.0, < 4.0.0)
    glimmer-dsl-swt (4.21.1.0)
      concurrent-ruby (>= 1.1.7, < 2.0.0)
      glimmer (~> 2.4.0)
      jruby-win32ole (>= 0.8.5, < 2.0.0)
      logging (>= 2.3.0, < 3.0.0)
      nested_inherited_jruby_include_package (>= 0.3.0, < 2.0.0)
      os (>= 1.0.0, < 2.0.0)
      psych (= 3.3.2)
      puts_debuggerer (>= 0.13.0, < 2.0.0)
      rake (>= 13.0.0)
      rake-tui (>= 0.2.3, < 2.0.0)
      rouge (>= 3.26.0, < 4.0.0)
      super_module (>= 1.4.1, < 2.0.0)
      text-table (>= 1.2.4, < 2.0.0)
    jar-dependencies (0.4.1)
    jruby-win32ole (0.8.5)
    little-plugger (1.1.4)
    logging (2.3.0)
      little-plugger (~> 1.1)
      multi_json (~> 1.14)
    method_source (1.0.0)
    multi_json (1.15.0)
    nested_inherited_jruby_include_package (0.3.0)
    os (1.1.1)
    pastel (0.8.0)
      tty-color (~> 0.5)
    psych (3.3.2-java)
      jar-dependencies (>= 0.1.7)
    puts_debuggerer (0.13.1)
      awesome_print (~> 1.9.2)
    rake (13.0.6)
    rake-tui (0.2.3)
      tty-prompt
    rouge (3.26.1)
    super_module (1.4.1)
      method_source (>= 0.8.2, < 1.1.0)
    text-table (1.2.4)
    tty-color (0.6.0)
    tty-cursor (0.7.1)
    tty-prompt (0.23.1)
      pastel (~> 0.8)
      tty-reader (~> 0.8)
    tty-reader (0.9.0)
      tty-cursor (~> 0.7)
      tty-screen (~> 0.8)
      wisper (~> 2.0)
    tty-screen (0.8.1)
    wisper (2.0.1)

PLATFORMS
  universal-java-14

DEPENDENCIES
  glimmer-dsl-swt (~> 4.21)

BUNDLED WITH
   2.2.30
